GEM
  remote: http://rubygems.org/
  specs:
    sass (3.1.0.alpha.221)

PLATFORMS
  ruby

DEPENDENCIES
  sass
